GEM
  remote: https://rubygems.org/
  specs:
    backports (3.6.8)
    childprocess (0.6.3)
      ffi (~> 1.0, >= 1.0.11)
    chunky_png (1.3.5)
    compass (1.0.3)
      chunky_png (~> 1.2)
      compass-core (~> 1.0.2)
      compass-import-once (~> 1.0.5)
      rb-fsevent (>= 0.9.3)
      rb-inotify (>= 0.9)
      sass (>= 3.3.13, < 3.5)
    compass-core (1.0.3)
      multi_json (~> 1.0)
      sass (>= 3.3.0, < 3.5)
    compass-import-once (1.0.5)
      sass (>= 3.2, < 3.5)
    concurrent-ruby (1.1.10)
    diff-lcs (1.3)
    domain_name (0.5.20170404)
      unf (>= 0.0.5, < 1.0.0)
    faker (1.6.3)
      i18n (~> 0.5)
    ffi (1.9.10)
    http-cookie (1.0.3)
      domain_name (~> 0.5)
    i18n (0.9.5)
      concurrent-ruby (~> 1.0)
    json (2.1.0)
    macaddr (1.7.1)
      systemu (~> 2.6.2)
    mail (2.6.4)
      mime-types (>= 1.16, < 4)
    mime-types (3.0)
      mime-types-data (~> 3.2015)
    mime-types-data (3.2016.0221)
    multi_json (1.11.2)
    netrc (0.11.0)
    pony (1.11)
      mail (>= 2.0)
    rack (1.6.4)
    rack-protection (1.5.3)
      rack
    rack-test (0.6.3)
      rack (>= 1.0)
    rake (11.1.2)
    rb-fsevent (0.9.7)
    rb-inotify (0.9.7)
      ffi (>= 0.5.0)
    rest-client (2.0.2)
      http-cookie (>= 1.0.2, < 2.0)
      mime-types (>= 1.16, < 4.0)
      netrc (~> 0.8)
    rspec (3.5.0)
      rspec-core (~> 3.5.0)
      rspec-expectations (~> 3.5.0)
      rspec-mocks (~> 3.5.0)
    rspec-core (3.5.4)
      rspec-support (~> 3.5.0)
    rspec-expectations (3.5.0)
      diff-lcs (>= 1.2.0, < 2.0)
      rspec-support (~> 3.5.0)
    rspec-mocks (3.5.0)
      diff-lcs (>= 1.2.0, < 2.0)
      rspec-support (~> 3.5.0)
    rspec-support (3.5.0)
    rubyzip (1.2.1)
    sass (3.4.22)
    sauce_whisk (0.1.0)
      json
      rest-client (~> 2.0)
    selenium-webdriver (3.4.0)
      childprocess (~> 0.5)
      rubyzip (~> 1.0)
      websocket (~> 1.0)
    shotgun (0.9.1)
      rack (>= 1.0)
    sinatra (1.4.7)
      rack (~> 1.5)
      rack-protection (~> 1.4)
      tilt (>= 1.3, < 3)
    sinatra-contrib (1.4.7)
      backports (>= 2.0)
      multi_json
      rack-protection
      rack-test
      sinatra (~> 1.4.0)
      tilt (>= 1.3, < 3)
    sinatra-flash (0.3.0)
      sinatra (>= 1.0.0)
    systemu (2.6.5)
    tilt (2.0.2)
    unf (0.1.4)
      unf_ext
    unf_ext (0.0.7.4)
    uuid (2.3.8)
      macaddr (~> 1.0)
    websocket (1.2.4)
    zurb-foundation (4.3.2)
      sass (>= 3.2.0)

PLATFORMS
  ruby

DEPENDENCIES
  compass
  faker
  pony
  rake
  rspec (~> 3.5.0)
  sauce_whisk (~> 0.1.0)
  selenium-webdriver (~> 3.4.0)
  shotgun
  sinatra
  sinatra-contrib
  sinatra-flash
  uuid
  zurb-foundation

RUBY VERSION
   ruby 2.7.2

BUNDLED WITH
   1.17.3
